GEM
  remote: https://rubygems.org/
  specs:
    addressable (2.8.7)
      public_suffix (>= 2.0.2, < 7.0)
    base64 (0.2.0)
    bigdecimal (3.1.8)
    coffee-script (2.4.1)
      coffee-script-source
      execjs
    coffee-script-source (1.12.2)
    colorator (1.1.0)
    commonmarker (0.17.13)
      ruby-enum (~> 0.5)
    concurrent-ruby (1.3.4)
    cssminify2 (2.0.1)
    em-websocket (0.5.3)
      eventmachine (>= 0.12.9)
      http_parser.rb (~> 0)
    eventmachine (1.2.7)
    execjs (2.9.1)
    faraday (2.11.0)
      faraday-net_http (>= 2.0, < 3.4)
      logger
    faraday-net_http (3.3.0)
      net-http
    ffi (1.17.0)
    ffi (1.17.0-x64-mingw-ucrt)
    ffi (1.17.0-x86_64-linux-gnu)
    forwardable-extended (2.6.0)
    google-protobuf (4.28.1)
      bigdecimal
      rake (>= 13)
    google-protobuf (4.28.1-x64-mingw-ucrt)
      bigdecimal
      rake (>= 13)
    google-protobuf (4.28.1-x86_64-linux)
      bigdecimal
      rake (>= 13)
    htmlcompressor (0.4.0)
    http_parser.rb (0.8.0)
    i18n (1.14.6)
      concurrent-ruby (~> 1.0)
    jekyll (4.3.3)
      addressable (~> 2.4)
      colorator (~> 1.0)
      em-websocket (~> 0.5)
      i18n (~> 1.0)
      jekyll-sass-converter (>= 2.0, < 4.0)
      jekyll-watch (~> 2.0)
      kramdown (~> 2.3, >= 2.3.1)
      kramdown-parser-gfm (~> 1.0)
      liquid (~> 4.0)
      mercenary (>= 0.3.6, < 0.5)
      pathutil (~> 0.9)
      rouge (>= 3.0, < 5.0)
      safe_yaml (~> 1.0)
      terminal-table (>= 1.8, < 4.0)
      webrick (~> 1.7)
    jekyll-avatar (0.8.0)
      jekyll (>= 3.0, < 5.0)
    jekyll-coffeescript (2.0.0)
      coffee-script (~> 2.2)
      coffee-script-source (~> 1.12)
    jekyll-commonmark (1.3.1)
      commonmarker (~> 0.14)
      jekyll (>= 3.7, < 5.0)
    jekyll-commonmark-ghpages (0.1.0)
      commonmarker (~> 0.17.6)
      jekyll-commonmark (~> 1)
    jekyll-default-layout (0.1.5)
      jekyll (>= 3.0, < 5.0)
    jekyll-feed (0.17.0)
      jekyll (>= 3.7, < 5.0)
    jekyll-gist (1.5.0)
      octokit (~> 4.2)
    jekyll-minifier (0.1.10)
      cssminify2 (~> 2.0)
      htmlcompressor (~> 0.4)
      jekyll (>= 3.5)
      json-minify (~> 0.0.3)
      uglifier (~> 4.1)
    jekyll-paginate (1.1.0)
    jekyll-sass-converter (3.0.0)
      sass-embedded (~> 1.54)
    jekyll-seo-tag (2.8.0)
      jekyll (>= 3.8, < 5.0)
    jekyll-sitemap (1.4.0)
      jekyll (>= 3.7, < 5.0)
    jekyll-theme-minimal (0.2.0)
      jekyll (> 3.5, < 5.0)
      jekyll-seo-tag (~> 2.0)
    jekyll-watch (2.2.1)
      listen (~> 3.0)
    json (2.7.1)
    json-minify (0.0.3)
      json (> 0)
    kramdown (2.4.0)
      rexml
    kramdown-parser-gfm (1.1.0)
      kramdown (~> 2.0)
    liquid (4.0.4)
    listen (3.9.0)
      rb-fsevent (~> 0.10, >= 0.10.3)
      rb-inotify (~> 0.9, >= 0.9.10)
    logger (1.6.1)
    mercenary (0.4.0)
    minima (2.5.2)
      jekyll (>= 3.5, < 5.0)
      jekyll-feed (~> 0.9)
      jekyll-seo-tag (~> 2.1)
    net-http (0.4.1)
      uri
    octokit (4.25.1)
      faraday (>= 1, < 3)
      sawyer (~> 0.9)
    pathutil (0.16.2)
      forwardable-extended (~> 2.6)
    public_suffix (6.0.1)
    rake (13.2.1)
    rb-fsevent (0.11.2)
    rb-inotify (0.11.1)
      ffi (~> 1.0)
    rexml (3.3.7)
    rouge (4.3.0)
    ruby-enum (0.9.0)
      i18n
    safe_yaml (1.0.5)
    sass-embedded (1.78.0)
      google-protobuf (~> 4.27)
      rake (>= 13)
    sass-embedded (1.78.0-x64-mingw-ucrt)
      google-protobuf (~> 4.27)
    sass-embedded (1.78.0-x86_64-linux-gnu)
      google-protobuf (~> 4.27)
    sawyer (0.9.2)
      addressable (>= 2.3.5)
      faraday (>= 0.17.3, < 3)
    terminal-table (3.0.2)
      unicode-display_width (>= 1.1.1, < 3)
    uglifier (4.2.0)
      execjs (>= 0.3.0, < 3)
    unicode-display_width (2.6.0)
    uri (0.13.1)
    wdm (0.2.0)
    webrick (1.8.1)

PLATFORMS
  ruby
  x64-mingw-ucrt
  x86_64-linux

DEPENDENCIES
  base64
  jekyll (~> 4.2)
  jekyll-avatar
  jekyll-coffeescript
  jekyll-commonmark
  jekyll-commonmark-ghpages
  jekyll-default-layout
  jekyll-feed
  jekyll-gist
  jekyll-minifier
  jekyll-paginate
  jekyll-sitemap
  jekyll-theme-minimal
  minima
  wdm (>= 0.1.0)

BUNDLED WITH
   2.5.16
